GEM
  remote: https://rubygems.org/
  specs:
    byebug (11.0.1)
    paint (2.1.1)

PLATFORMS
  ruby

DEPENDENCIES
  byebug
  paint

BUNDLED WITH
   2.0.2
