GEM
  remote: https://rubygems.org/
  specs:
    paint (2.1.1)

PLATFORMS
  ruby

DEPENDENCIES
  paint

BUNDLED WITH
   2.0.2
